GEM
  remote: http://rubygems.org/
  specs:
    actionmailer (2.3.11)
      actionpack (= 2.3.11)
    actionpack (2.3.11)
      activesupport (= 2.3.11)
      rack (~> 1.1.0)
    activerecord (2.3.11)
      activesupport (= 2.3.11)
    activeresource (2.3.11)
      activesupport (= 2.3.11)
    activesupport (2.3.11)
    formtastic (1.2.3)
      actionpack (>= 2.3.7)
      activesupport (>= 2.3.7)
      i18n (~> 0.4)
    haml (3.0.25)
    has_scope (0.4)
    i18n (0.5.0)
    inherited_resources (1.0.2)
      has_scope (>= 0.4)
      responders (>= 0.4.2)
    mysql (2.8.1)
    pacecar (1.4.5)
    rack (1.1.2)
    rails (2.3.11)
      actionmailer (= 2.3.11)
      actionpack (= 2.3.11)
      activerecord (= 2.3.11)
      activeresource (= 2.3.11)
      activesupport (= 2.3.11)
      rake (>= 0.8.3)
    rake (0.8.7)
    responders (0.4.2)
    rmagick (2.12.2)
    ukrainian (2.6.0)
      i18n
    unicode (0.4.0)

PLATFORMS
  ruby

DEPENDENCIES
  formtastic
  haml
  has_scope (= 0.4)
  i18n
  inherited_resources (= 1.0.2)
  mysql
  pacecar
  rails (~> 2.3.5)
  responders (= 0.4.2)
  rmagick (= 2.12.2)
  ukrainian
  unicode
